GEM
  remote: https://rubygems.org/
  specs:
    colorize (0.7.7)
    dogapi (1.24.0)
      multi_json
    multi_json (1.12.1)
    rationalist (2.0.0)

PLATFORMS
  ruby

DEPENDENCIES
  colorize
  dogapi
  rationalist

BUNDLED WITH
   2.0.1
