GEM
  remote: https://rubygems.org/
  specs:
    dogapi (1.24.0)
      multi_json
    multi_json (1.12.1)

PLATFORMS
  ruby

DEPENDENCIES
  dogapi

BUNDLED WITH
   1.13.5
