GEM
  remote: https://rubygems.org/
  specs:
    colorize (0.7.7)
    dogapi (1.24.0)
      multi_json
    multi_json (1.12.1)
    trollop (2.1.2)

PLATFORMS
  ruby

DEPENDENCIES
  colorize
  dogapi
  trollop

BUNDLED WITH
   1.13.5
